GEM
  specs:
    activesupport (3.2.6)
      i18n (~> 0.6)
      multi_json (~> 1.0)
    i18n (0.6.0)
    multi_json (1.3.6)
    rake (0.9.2.2)
    test-unit (2.5.1)

PLATFORMS
  ruby

DEPENDENCIES
  activesupport
  rake
  test-unit
